PATH
  remote: .
  specs:
    ruboto (1.2.0.dev)
      main (~> 5.2)
      rake (~> 10.0)
      rubyzip (~> 1.0)

GEM
  remote: http://rubygems.org/
  specs:
    arrayfields (4.9.2)
    chronic (0.10.2)
    coderay (1.1.0)
    fattr (2.2.2)
    ffi (1.9.6)
    main (5.3.2)
      arrayfields (>= 4.7.4)
      chronic (>= 0.6.2)
      fattr (>= 2.2.0)
      map (>= 5.1.0)
      pry (>= 0.9)
    map (6.5.5)
    method_source (0.8.2)
    pry (0.10.1)
      coderay (~> 1.1.0)
      method_source (~> 0.8.1)
      slop (~> 3.4)
    pry (0.10.1-java)
      coderay (~> 1.1.0)
      method_source (~> 0.8.1)
      slop (~> 3.4)
      spoon (~> 0.0)
    rake (10.3.2)
    rubyzip (1.1.6)
    slop (3.6.0)
    spoon (0.0.4)
      ffi

PLATFORMS
  java
  ruby

DEPENDENCIES
  ruboto!
