PATH
  remote: .
  specs:
    ruboto (1.1.3.dev)
      main (~> 5.2)
      rake (~> 10.0)
      rubyzip (~> 1.0)

GEM
  remote: http://rubygems.org/
  specs:
    arrayfields (4.9.2)
    chronic (0.10.2)
    fattr (2.2.2)
    main (5.2.0)
      arrayfields (>= 4.7.4)
      chronic (>= 0.6.2)
      fattr (>= 2.2.0)
      map (>= 5.1.0)
    map (6.5.3)
    rake (10.3.2)
    rubyzip (1.1.3)

PLATFORMS
  java
  ruby

DEPENDENCIES
  ruboto!
