PATH
  remote: .
  specs:
    ruboto (2.0.0.dev)
      main (~> 5.2)
      net-telnet (~> 0.1.1)
      rake (>= 11.3, < 13)
      rubyzip (~> 1.0)

GEM
  remote: http://rubygems.org/
  specs:
    arrayfields (4.9.2)
    chronic (0.10.2)
    coderay (1.1.1)
    fattr (2.3.0)
    main (5.3.2)
      arrayfields (>= 4.7.4)
      chronic (>= 0.6.2)
      fattr (>= 2.2.0)
      map (>= 5.1.0)
      pry (>= 0.9)
    map (6.6.0)
    method_source (0.8.2)
    minitest (5.10.1)
    net-telnet (0.1.1)
    pry (0.10.4)
      coderay (~> 1.1.0)
      method_source (~> 0.8.1)
      slop (~> 3.4)
    rake (12.0.0)
    rubyzip (1.2.1)
    slop (3.6.0)

PLATFORMS
  ruby

DEPENDENCIES
  minitest (~> 5.5)
  ruboto!

BUNDLED WITH
   1.14.6
